GEM
  remote: http://rubygems.org/
  specs:
    bubble-wrap (1.1.3)
    motion_support (0.0.6)
      bubble-wrap

PLATFORMS
  ruby

DEPENDENCIES
  bubble-wrap
  motion_support
